GEM
  remote: http://rubygems.org/
  specs:
    activemodel (3.2.1)
      activesupport (= 3.2.1)
      builder (~> 3.0.0)
    activesupport (3.2.1)
      i18n (~> 0.6)
      multi_json (~> 1.0)
    bson (1.5.2)
    bson_ext (1.5.2)
      bson (= 1.5.2)
    builder (3.0.0)
    database_cleaner (0.7.1)
    diff-lcs (1.1.3)
    git (1.2.5)
    i18n (0.6.0)
    jeweler (1.8.3)
      bundler (~> 1.0)
      git (>= 1.2.5)
      rake
      rdoc
    json (1.6.5)
    mongo (1.5.2)
      bson (= 1.5.2)
    mongoid (2.4.4)
      activemodel (~> 3.1)
      mongo (~> 1.3)
      tzinfo (~> 0.3.22)
    mongoid-rspec (1.4.4)
      mongoid (~> 2.0)
      rspec (~> 2)
    mongoid_taggable_with_context (0.8.0)
      mongoid (>= 2.0.0)
    multi_json (1.1.0)
    rake (0.9.2.2)
    rdoc (3.12)
      json (~> 1.4)
    rspec (2.8.0)
      rspec-core (~> 2.8.0)
      rspec-expectations (~> 2.8.0)
      rspec-mocks (~> 2.8.0)
    rspec-core (2.8.0)
    rspec-expectations (2.8.0)
      diff-lcs (~> 1.1.2)
    rspec-mocks (2.8.0)
    tzinfo (0.3.31)
    yard (0.7.5)

PLATFORMS
  ruby

DEPENDENCIES
  bson (~> 1.5.2)
  bson_ext (~> 1.5.2)
  bundler (>= 1.0.0)
  database_cleaner
  jeweler
  mongo (~> 1.5.2)
  mongoid (= 2.4.4)
  mongoid-rspec
  mongoid_taggable_with_context
  rspec
  yard
